GIT
  remote: https://github.com/larskanis/sqlite3-ruby
  revision: 1027509079176fcc4088dcc7638101cde617cf16
  branch: add-gemspec
  specs:
    sqlite3 (1.3.13.20180326210955)

GEM
  remote: https://rubygems.org/
  specs:
    actionmailer (2.3.18.34)
      actionpack (= 2.3.18.34)
    actionpack (2.3.18.34)
      activesupport (= 2.3.18.34)
      rack (< 1.5)
    activerecord (2.3.18.34)
      activesupport (= 2.3.18.34)
    activeresource (2.3.18.34)
      activesupport (= 2.3.18.34)
    activesupport (2.3.18.34)
    metaclass (0.0.4)
    mocha (0.12.10)
      metaclass (~> 0.0.1)
    rack (1.4.7)
    rack-test (0.6.3)
      rack (>= 1.0)
    rails (2.3.18.34)
      actionmailer (= 2.3.18.34)
      actionpack (= 2.3.18.34)
      activerecord (= 2.3.18.34)
      activeresource (= 2.3.18.34)
      activesupport (= 2.3.18.34)
      railslts-version (= 2.3.18.34)
      railties (= 2.3.18.34)
    railslts-version (2.3.18.34)
    railties (2.3.18.34)
      actionpack (= 2.3.18.34)
      activesupport (= 2.3.18.34)
      rake (>= 0.8.3, < 11)
    rake (10.5.0)
    rspec (1.3.2)
    rspec-rails (1.3.4)
      rack (>= 1.0.0)
      rspec (~> 1.3.1)
    shoulda-context (1.0.2)
    test-unit (2.2.0)
    timecop (0.9.1)

PLATFORMS
  ruby

DEPENDENCIES
  mocha (~> 0.12.10)
  rack-test (~> 0.6.3)
  rails (= 2.3.18.34)
  rspec-rails (= 1.3.4)
  shoulda-context (= 1.0.2)
  sqlite3!
  test-unit (= 2.2.0)
  timecop (= 0.9.1)

BUNDLED WITH
   1.17.3
